GEM
  remote: https://rubygems.org/
  specs:
    activemodel (4.1.4)
      activesupport (= 4.1.4)
      builder (~> 3.1)
    activerecord (4.1.4)
      activemodel (= 4.1.4)
      activesupport (= 4.1.4)
      arel (~> 5.0.0)
    activerecord-jdbc-adapter (1.3.9)
      activerecord (>= 2.2)
    activerecord-jdbcsqlite3-adapter (1.3.9)
      activerecord-jdbc-adapter (~> 1.3.9)
      jdbc-sqlite3 (~> 3.7.2)
    activesupport (4.1.4)
      i18n (~> 0.6, >= 0.6.9)
      json (~> 1.7, >= 1.7.7)
      minitest (~> 5.1)
      thread_safe (~> 0.1)
      tzinfo (~> 1.1)
    after_do (0.3.1)
    arel (5.0.1.20140414130214)
    builder (3.2.2)
    diff-lcs (1.2.5)
    furoshiki (0.2.0)
      plist
      rubyzip (>= 1.0.0)
      warbler (~> 1.4.4)
    i18n (0.6.11)
    jdbc-sqlite3 (3.7.2.1)
    jruby-jars (1.7.13)
    jruby-rack (1.1.14)
    json (1.8.1)
    json (1.8.1-java)
    minitest (5.4.0)
    nokogiri (1.6.3.1-java)
    plist (3.1.0)
    rake (10.3.2)
    rspec (3.0.0)
      rspec-core (~> 3.0.0)
      rspec-expectations (~> 3.0.0)
      rspec-mocks (~> 3.0.0)
    rspec-core (3.0.3)
      rspec-support (~> 3.0.0)
    rspec-expectations (3.0.3)
      diff-lcs (>= 1.2.0, < 2.0)
      rspec-support (~> 3.0.0)
    rspec-its (1.0.1)
      rspec-core (>= 2.99.0.beta1)
      rspec-expectations (>= 2.99.0.beta1)
    rspec-mocks (3.0.3)
      rspec-support (~> 3.0.0)
    rspec-support (3.0.3)
    rubyzip (1.1.6)
    shoes (4.0.0.pre2)
      furoshiki (>= 0.1.2)
      nokogiri
      shoes-dsl (= 4.0.0.pre2)
      shoes-swt (= 4.0.0.pre2)
    shoes-dsl (4.0.0.pre2)
    shoes-swt (4.0.0.pre2)
      after_do (~> 0.3)
      furoshiki (~> 0.2.0)
      shoes-dsl (= 4.0.0.pre2)
      swt (~> 4.4)
    swt (4.4)
    thread_safe (0.3.4)
    thread_safe (0.3.4-java)
    tzinfo (1.2.1)
      thread_safe (~> 0.1)
    warbler (1.4.4)
      jruby-jars (>= 1.5.6, < 2.0)
      jruby-rack (>= 1.0.0)
      rake (>= 0.9.6)
      rubyzip (>= 0.9, < 1.2)

PLATFORMS
  java
  ruby

DEPENDENCIES
  activerecord
  activerecord-jdbcsqlite3-adapter
  jdbc-sqlite3
  rake (>= 0.9.6)
  rspec (~> 3.0.0)
  rspec-its (~> 1.0.1)
  shoes (~> 4.0.0.pre2)
